GEM
  remote: https://rubygems.org/
  specs:
    dotenv (1.0.2)
    sequel (4.18.0)

PLATFORMS
  ruby

DEPENDENCIES
  dotenv
  sequel
